GEM
  remote: https://rubygems.org/
  specs:
    ansi (1.5.0)
    ast (2.4.2)
    builder (3.2.4)
    diff-lcs (1.5.0)
    ffi (1.15.5)
    kdl (1.0.3)
      simpleidn (~> 0.2.1)
    listen (3.8.0)
      rb-fsevent (~> 0.10, >= 0.10.3)
      rb-inotify (~> 0.9, >= 0.9.10)
    mab (0.0.3)
    minitest (5.18.0)
    minitest-hooks (1.5.0)
      minitest (> 5.3)
    minitest-reporters (1.6.0)
      ansi
      builder
      minitest (>= 5.0)
      ruby-progressbar
    parser (3.2.2.0)
      ast (~> 2.4.1)
    rack (3.0.7)
    rack-session (2.0.0)
      rack (>= 3.0.0)
    rack-test (2.1.0)
      rack (>= 1.3)
    rackup (2.1.0)
      rack (>= 3)
      webrick (~> 1.8)
    rake (13.0.6)
    rb-fsevent (0.11.2)
    rb-inotify (0.10.1)
      ffi (~> 1.0)
    ruby-progressbar (1.13.0)
    ruby_parser (3.20.0)
      sexp_processor (~> 4.16)
    sexp_processor (4.16.1)
    simpleidn (0.2.1)
      unf (~> 0.1.4)
    tilt (2.1.0)
    unf (0.1.4)
      unf_ext
    unf_ext (0.0.8.2)
    unparser (0.6.7)
      diff-lcs (~> 1.3)
      parser (>= 3.2.0)
    webrick (1.8.1)
    zeitwerk (2.6.8)

PLATFORMS
  arm64-darwin-22

DEPENDENCIES
  kdl
  listen
  mab
  minitest (~> 5.0)
  minitest-hooks
  minitest-reporters
  parser
  rack
  rack-session
  rack-test
  rackup
  rake
  ruby_parser
  tilt
  unparser
  zeitwerk

BUNDLED WITH
   2.4.10
